PATH
  remote: .
  specs:
    multiple_routes (0.0.1)
      binding_of_caller
      bitbucket_rest_api (~> 0.1.5)
      parse-ruby-client (~> 0.2.0)

GEM
  remote: https://rubygems.org/
  specs:
    binding_of_caller (0.7.2)
      debug_inspector (>= 0.0.1)
    bitbucket_rest_api (0.1.5)
      faraday (~> 0.8.1)
      faraday_middleware (~> 0.9.0)
      hashie (~> 2.0.5)
      multi_json (~> 1.3)
      nokogiri (>= 1.5.2)
      simple_oauth
    debug_inspector (0.0.2)
    faraday (0.8.9)
      multipart-post (~> 1.2.0)
    faraday_middleware (0.9.1)
      faraday (>= 0.7.4, < 0.10)
    hashie (2.0.5)
    iron_core (1.0.3)
      rest (>= 2.6.4)
    iron_mq (5.0.1)
      iron_core (>= 0.5.1)
    mini_portile (0.6.0)
    multi_json (1.10.1)
    multipart-post (1.2.0)
    net-http-persistent (2.9.4)
    netrc (0.7.7)
    nokogiri (1.6.2.1)
      mini_portile (= 0.6.0)
    parse-ruby-client (0.2.0)
      iron_mq
      patron
    patron (0.4.18)
    rake (10.3.2)
    rest (2.7.1)
      net-http-persistent (>= 2.9.1)
      rest_client (>= 1.7.1)
    rest_client (1.7.3)
      netrc (~> 0.7.7)
    simple_oauth (0.2.0)

PLATFORMS
  ruby

DEPENDENCIES
  bundler (~> 1.3)
  multiple_routes!
  rake
